GEM
  remote: https://rubygems.org/
  specs:
    advent_of_code_cli (0.1.3)
      thor (>= 1.2.0)
    thor (1.2.1)

PLATFORMS
  universal-darwin-22

DEPENDENCIES
  advent_of_code_cli

BUNDLED WITH
   2.3.11
